PATH
  remote: .
  specs:
    katalyst-basic-auth (0.5.0)
      rack

GEM
  remote: https://rubygems.org/
  specs:
    ast (2.4.2)
    diff-lcs (1.5.1)
    jaro_winkler (1.5.6)
    parallel (1.24.0)
    parser (3.3.0.5)
      ast (~> 2.4.1)
      racc
    racc (1.7.3)
    rack (3.0.10)
    rainbow (3.1.1)
    rake (13.2.1)
    rexml (3.2.6)
    rspec (3.13.0)
      rspec-core (~> 3.13.0)
      rspec-expectations (~> 3.13.0)
      rspec-mocks (~> 3.13.0)
    rspec-core (3.13.0)
      rspec-support (~> 3.13.0)
    rspec-expectations (3.13.0)
      diff-lcs (>= 1.2.0, < 2.0)
      rspec-support (~> 3.13.0)
    rspec-mocks (3.13.0)
      diff-lcs (>= 1.2.0, < 2.0)
      rspec-support (~> 3.13.0)
    rspec-support (3.13.1)
    rubocop (0.81.0)
      jaro_winkler (~> 1.5.1)
      parallel (~> 1.10)
      parser (>= 2.7.0.1)
      rainbow (>= 2.2.2, < 4.0)
      rexml
      ruby-progressbar (~> 1.7)
      unicode-display_width (>= 1.4.0, < 2.0)
    ruby-progressbar (1.13.0)
    unicode-display_width (1.8.0)

PLATFORMS
  aarch64-linux
  arm64-darwin-23
  x86_64-linux

DEPENDENCIES
  katalyst-basic-auth!
  rake (~> 13.0)
  rspec (~> 3.0)
  rubocop (<= 0.81)

BUNDLED WITH
   2.5.9
